{
  "AcquisitionMatrixPE": 320,
  "AcquisitionNumber": 1,
  "AcquisitionTime": "08:24:5.360000",
  "BaseResolution": 320,
  "BodyPartExamined": "BRAIN",
  "CoilCombinationMethod": "Sum of Squares",
  "ConsistencyInfo": "N4_VE12U_LATEST_20181126",
  "ConversionSoftware": "dcm2niix",
  "ConversionSoftwareVersion": "v1.0.20220720",
  "DeviceSerialNumber": "79025",
  "DwellTime": 6.3e-06,
  "EchoTime": 0.00201,
  "FlipAngle": 3,
  "HeudiconvVersion": "0.13.1",
  "ImageOrientationPatientDICOM": [-0.0231194, 0.994366, -0.103448, 0.0300102, -0.102739, -0.994256],
  "ImageOrientationText": "Sag>Tra(-1.6)>Cor(-1.5)",
  "ImageType": [
    "ORIGINAL",
    "PRIMARY",
    "M",
    "ND"
],
  "ImagingFrequency": 297.192,
  "InPlanePhaseEncodingDirectionDICOM": "ROW",
  "InstitutionAddress": "Stephanstrasse 1a,Leipzig,Leipzig,DE,04103",
  "InstitutionName": "MPI CBS",
  "InstitutionalDepartmentName": "Department",
  "InversionTime": 2.75,
  "MRAcquisitionType": "3D",
  "MagneticFieldStrength": 7,
  "Manufacturer": "Siemens",
  "ManufacturersModelName": "Investigational_Device_7T",
  "MatrixCoilMode": "GRAPPA",
  "Modality": "MR",
  "NonlinearGradientCorrection": false,
  "ParallelReductionFactorInPlane": 2,
  "PartialFourier": 0.75,
  "PatientPosition": "HFS",
  "PercentPhaseFOV": 100,
  "PercentSampling": 100,
  "PhaseEncodingSteps": 239,
  "PhaseResolution": 1,
  "PixelBandwidth": 250,
  "ProcedureStepDescription": "SD^VASO",
  "ProtocolName": "mp2rage_0p7_iPAT2_phPF68_FA5-3_TI900-2750_BW250",
  "PulseSequenceDetails": "%SiemensSeq%\\tfl",
  "ReceiveCoilActiveElements": "AC",
  "ReceiveCoilName": "8Tx32Rx_Head",
  "ReconMatrixPE": 320,
  "RefLinesPE": 24,
  "RepetitionTime": 5,
  "SAR": 0.0950173,
  "ScanOptions": "IR\\PFP\\WE",
  "ScanningSequence": "GR\\IR",
  "SequenceName": "*tfl3d1_16ns",
  "SequenceVariant": "SK\\SP\\MP",
  "SeriesDescription": "mp2rage_0p7_iPAT2_phPF68_FA5-3_TI900-2750_BW250_INV2",
  "SeriesNumber": 6,
  "ShimSetting": [-1053, 505, 677, 386, -3, -341, 811, -119],
  "SliceThickness": 0.7,
  "SoftwareVersions": "syngo MR E12",
  "SpoilingState": true,
  "StationName": "AWP79025",
  "TxRefAmp": 239.813,
  "dcmmeta_affine": [
    [0.6994975805282593, -0.016183577477931976, 0.021007142961025238, -70.46473693847656],
    [0.01826375722885132, 0.6960563063621521, -0.07191704213619232, -90.55705261230469],
    [-0.019226115196943283, 0.07241351902484894, 0.6959788799285889, -118.75991821289062],
    [0.0, 0.0, 0.0, 1.0]
],
  "dcmmeta_reorient_transform": [
    [0.0, 0.0, -1.0, 319.0],
    [0.0, -1.0, 0.0, 319.0],
    [-1.0, 0.0, 0.0, 207.0],
    [0.0, 0.0, 0.0, 1.0]
],
  "dcmmeta_shape": [208, 320, 320],
  "dcmmeta_slice_dim": 0,
  "dcmmeta_version": 0.6,
  "global": {
    "const": {
      "AcquisitionMatrix": [0, 320, 320, 0],
      "AcquisitionNumber": 1,
      "AcquisitionTime": "082405.360000",
      "AngioFlag": "N",
      "BitsAllocated": 16,
      "BitsStored": 12,
      "BodyPartExamined": "BRAIN",
      "Columns": 320,
      "EchoNumbers": 1,
      "EchoTime": 2.01,
      "EchoTrainLength": 1,
      "FlipAngle": 3.0,
      "HighBit": 11,
      "ImageOrientationPatient": [-0.023119396651, 0.99436614434247, -0.1034478829362, 0.03001020588821, -0.1027386317586, -0.9942555813708],
      "ImageType": [
        "ORIGINAL",
        "PRIMARY",
        "M",
        "ND"
],
      "ImagedNucleus": "1H",
      "ImagingFrequency": 297.192193,
      "InPlanePhaseEncodingDirection": "ROW",
      "InversionTime": 2750.0,
      "MRAcquisitionType": "3D",
      "MagneticFieldStrength": 7.0,
      "Manufacturer": "SIEMENS",
      "ManufacturerModelName": "Investigational_Device_7T",
      "Modality": "MR",
      "NumberOfAverages": 1.0,
      "NumberOfPhaseEncodingSteps": 239,
      "PercentPhaseFieldOfView": 100.0,
      "PercentSampling": 100.0,
      "PerformedProcedureStepStartTime": "080957.871000",
      "PhotometricInterpretation": "MONOCHROME2",
      "PixelBandwidth": 250.0,
      "PixelRepresentation": 0,
      "PixelSpacing": [0.69999998807907, 0.69999998807907],
      "ProtocolName": "mp2rage_0p7_iPAT2_phPF68_FA5-3_TI900-2750_BW250",
      "RepetitionTime": 5000.0,
      "Rows": 320,
      "SAR": 0.09501734547214,
      "SamplesPerPixel": 1,
      "ScanOptions": [
        "IR",
        "PFP",
        "WE"
],
      "ScanningSequence": [
        "GR",
        "IR"
],
      "SequenceName": "*tfl3d1_16ns",
      "SequenceVariant": [
        "SK",
        "SP",
        "MP"
],
      "SeriesDescription": "mp2rage_0p7_iPAT2_phPF68_FA5-3_TI900-2750_BW250_INV2",
      "SeriesNumber": 6,
      "SeriesTime": "083503.124000",
      "SliceThickness": 0.70000004768372,
      "SmallestImagePixelValue": 0,
      "SoftwareVersions": "syngo MR E12",
      "SpecificCharacterSet": "ISO_IR 100",
      "StudyID": "2",
      "StudyTime": "080957.834000",
      "TransmitCoilName": "8Tx32Rx_Head",
      "VariableFlipAngleFlag": "N",
      "WindowCenterWidthExplanation": "Algo1",
      "dBdt": 0.0},
