{
  "AccelFact3D": 3,
  "AcquisitionMatrixPE": 148,
  "AcquisitionNumber": 1,
  "AcquisitionTime": "12:16:43.667500",
  "BandwidthPerPixelPhaseEncode": 20.07,
  "BaseResolution": 148,
  "BodyPartExamined": "BRAIN",
  "CoilCombinationMethod": "Sum of Squares",
  "ConsistencyInfo": "N4_VE12U_LATEST_20181126",
  "ConversionSoftware": "dcm2niix",
  "ConversionSoftwareVersion": "v1.0.20220720",
  "DerivedVendorReportedEchoSpacing": 0.00100998,
  "DeviceSerialNumber": "79025",
  "DwellTime": 3e-06,
  "EchoTime": 0.015,
  "EffectiveEchoSpacing": 0.00033666,
  "FlipAngle": 33,
  "HeudiconvVersion": "0.13.1",
  "ImageComments": "E00_S00_Com",
  "ImageOrientationPatientDICOM": [0.994711, 0.10257, -0.00549752, -0.0698617, 0.636336, -0.768242],
  "ImageOrientationText": "Cor>Tra(-39.9)>Sag(4.3)",
  "ImageType": [
    "ORIGINAL",
    "PRIMARY",
    "M",
    "ND",
    "ECHO",
 "00",
    "SET",
 "00",
    "COMBINED",
    "MOSAIC"
],
  "ImagingFrequency": 297.192,
  "InPlanePhaseEncodingDirectionDICOM": "COL",
  "InstitutionAddress": "Stephanstrasse 1a,Leipzig,Leipzig,DE,04103",
  "InstitutionName": "Max-Planck-Institut",
  "InstitutionalDepartmentName": "Department",
  "InversionTime": 1.047,
  "MRAcquisitionType": "3D",
  "MagneticFieldStrength": 7,
  "Manufacturer": "Siemens",
  "ManufacturersModelName": "Investigational_Device_7T",
  "Modality": "MR",
  "NonlinearGradientCorrection": false,
  "ParallelReductionFactorInPlane": 3,
  "PartialFourier": 0.75,
  "PatientPosition": "HFS",
  "PercentPhaseFOV": 100,
  "PercentSampling": 100,
  "PhaseEncodingSteps": 111,
  "PhaseResolution": 1,
  "PixelBandwidth": 1125,
  "ProcedureStepDescription": "SD^VASO",
  "ProtocolName": "sub-09_ses-03_run-05_VASO",
  "PulseSequenceDetails": "%CustomerSeq%\\rslh_ep3d_vaso_v220920",
  "ReceiveCoilActiveElements": "AC",
  "ReceiveCoilName": "8Tx32Rx_Head",
  "ReconMatrixPE": 148,
  "RefLinesPE": 24,
  "RepetitionTime": 0.042,
  "SAR": 0.0474354,
  "ScanOptions": "IR\\PFP\\FS",
  "ScanningSequence": "RM\\IR",
  "SequenceName": "vx_ep3d:maastric",
  "SequenceVariant": "SK\\SP\\MP",
  "SeriesDescription": "sub-09_ses-03_run-05_VASO_E00_S00_M",
  "SeriesNumber": 25,
  "ShimSetting": [-1028, 474, 721, 318, 14, 89, 813, -32],
  "SliceThickness": 0.9,
  "SoftwareVersions": "syngo MR E12",
  "SpacingBetweenSlices": 0.9,
  "SpoilingState": true,
  "StationName": "AWP79025",
  "TaskName": "stimulation",
  "TotalReadoutTime": 0.049489,
  "TxRefAmp": 200,
  "WipMemBlock": "git@gitlab.dzne.de:idea/vx_ep3d.git:vaso:26dc5a59:maastricht4j",
  "dcmmeta_affine": [
    [-0.8938953280448914, -0.06278112530708313, 0.06777004897594452, 75.71370697021484],
    [-0.09217407554388046, 0.57184237241745, -0.6881064176559448, -72.81879425048828],
    [-0.004940342158079147, 0.6903797388076782, 0.5761221647262573, -31.8295841217041],
    [0.0, 0.0, 0.0, 1.0]
],
  "dcmmeta_reorient_transform": [
    [0.0, -1.0, 0.0, 147.0],
    [1.0, 0.0, 0.0, 0.0],
    [0.0, 0.0, 1.0, 0.0],
    [0.0, 0.0, 0.0, 1.0]
],
  "dcmmeta_shape": [148, 148, 16, 265],
  "dcmmeta_slice_dim": 2,
  "dcmmeta_version": 0.6,
  "global": {
    "const": {
      "AcquisitionMatrix": [148, 0, 0, 148],
      "AngioFlag": "N",
      "BitsAllocated": 16,
      "BitsStored": 12,
      "BodyPartExamined": "BRAIN",
      "Columns": 592,
      "EchoNumbers": 1,
      "EchoTime": 15.0,
      "EchoTrainLength": 0,
      "FlipAngle": 33.0,
      "HighBit": 11,
      "ImageOrientationPatient": [0.99471063342819, 0.10256964940916, -0.005497523531, -0.0698617019276, 0.63633588407607, -0.7682421397196],
      "ImagePositionPatient": [-250.99223463265, -158.6536829154, 224.0172955316],
      "ImageType": [
        "ORIGINAL",
        "PRIMARY",
        "M",
        "ND",
        "ECHO_00",
        "SET_00",
        "COMBINED",
        "MOSAIC"
],
      "ImagedNucleus": "1H",
      "ImagingFrequency": 297.192361,
      "InPlanePhaseEncodingDirection": "COL",
      "InversionTime": 1047.0,
      "MRAcquisitionType": "3D",
      "MagneticFieldStrength": 7.0,
      "Manufacturer": "SIEMENS",
      "ManufacturerModelName": "Investigational_Device_7T",
      "Modality": "MR",
      "NumberOfAverages": 1.0,
      "NumberOfPhaseEncodingSteps": 111,
      "PercentPhaseFieldOfView": 100.0,
      "PercentSampling": 100.0,
      "PerformedProcedureStepStartTime": "110545.105000",
      "PhotometricInterpretation": "MONOCHROME2",
      "PixelBandwidth": 1125.0,
      "PixelRepresentation": 0,
      "PixelSpacing": [0.89864861965179, 0.89864861965179],
      "ProtocolName": "sub-09_ses-03_run-05_VASO",
      "RepetitionTime": 42.0,
      "Rows": 592,
      "SAR": 0.04743535189814,
      "SamplesPerPixel": 1,
      "ScanOptions": [
        "IR",
        "PFP",
        "FS"
],
      "ScanningSequence": [
        "RM",
        "IR"
],
      "SequenceName": "vx_ep3d:maastric",
      "SequenceVariant": [
        "SK",
        "SP",
        "MP"
],
      "SeriesDescription": "sub-09_ses-03_run-05_VASO_E00_S00_M",
      "SeriesNumber": 25,
      "SeriesTime": "123043.420000",
      "SliceLocation": 41.00052417357,
      "SliceThickness": 0.89999997615814,
      "SmallestImagePixelValue": 0,
      "SoftwareVersions": "syngo MR E12",
      "SpacingBetweenSlices": 0.89999997615814,
      "SpecificCharacterSet": "ISO_IR 100",
      "StudyID": "3",
      "StudyTime": "110545.050000",
      "TransmitCoilName": "8Tx32Rx_Head",
      "VariableFlipAngleFlag": "N",
      "WindowCenterWidthExplanation": "Algo1",
      "dBdt": 0.0},
