{
  "AccelFact3D": 3,
  "AcquisitionMatrixPE": 148,
  "AcquisitionNumber": 1,
  "AcquisitionTime": "13:20:48.375000",
  "BandwidthPerPixelPhaseEncode": 20.07,
  "BaseResolution": 148,
  "BodyPartExamined": "BRAIN",
  "CoilCombinationMethod": "Sum of Squares",
  "ConsistencyInfo": "N4_VE12U_LATEST_20181126",
  "ConversionSoftware": "dcm2niix",
  "ConversionSoftwareVersion": "v1.0.20220720",
  "DerivedVendorReportedEchoSpacing": 0.00100998,
  "DeviceSerialNumber": "79025",
  "DwellTime": 3e-06,
  "EchoTime": 0.015,
  "EffectiveEchoSpacing": 0.00033666,
  "FlipAngle": 33,
  "HeudiconvVersion": "0.13.1",
  "ImageComments": "E00_S01_Com",
  "ImageOrientationPatientDICOM": [0.998628, -0.0249412, 0.0460396, 0.0505941, 0.686132, -0.725715],
  "ImageOrientationText": "Cor>Tra(-43.4)>Sag(0.8)",
  "ImageType": [
    "ORIGINAL",
    "PRIMARY",
    "M",
    "ND",
    "ECHO",
 "00",
    "SET",
 "01",
    "COMBINED",
    "MOSAIC"
],
  "ImagingFrequency": 297.192,
  "InPlanePhaseEncodingDirectionDICOM": "COL",
  "InstitutionAddress": "Stephanstrasse 1a,Leipzig,Leipzig,DE,04103",
  "InstitutionName": "MPI CBS",
  "InstitutionalDepartmentName": "Department",
  "InversionTime": 1.047,
  "MRAcquisitionType": "3D",
  "MagneticFieldStrength": 7,
  "Manufacturer": "Siemens",
  "ManufacturersModelName": "Investigational_Device_7T",
  "Modality": "MR",
  "NonlinearGradientCorrection": false,
  "ParallelReductionFactorInPlane": 3,
  "PartialFourier": 0.75,
  "PatientPosition": "HFS",
  "PercentPhaseFOV": 100,
  "PercentSampling": 100,
  "PhaseEncodingSteps": 111,
  "PhaseResolution": 1,
  "PixelBandwidth": 1125,
  "ProcedureStepDescription": "SD^VASO",
  "ProtocolName": "sub-05_ses-03_run-05_VASO",
  "PulseSequenceDetails": "%CustomerSeq%\\rslh_ep3d_vaso_v220920",
  "ReceiveCoilActiveElements": "AC",
  "ReceiveCoilName": "8Tx32Rx_Head",
  "ReconMatrixPE": 148,
  "RefLinesPE": 24,
  "RepetitionTime": 0.042,
  "SAR": 0.0563813,
  "ScanOptions": "IR\\PFP\\FS",
  "ScanningSequence": "RM\\IR",
  "SequenceName": "vx_ep3d:maastric",
  "SequenceVariant": "SK\\SP\\MP",
  "SeriesDescription": "sub-05_ses-03_run-05_VASO_E00_S01_M",
  "SeriesNumber": 27,
  "ShimSetting": [-1077, 461, 733, 339, -353, -441, 1219, -66],
  "SliceThickness": 0.9,
  "SoftwareVersions": "syngo MR E12",
  "SpacingBetweenSlices": 0.9,
  "SpoilingState": true,
  "StationName": "AWP79025",
  "TaskName": "stimulation",
  "TotalReadoutTime": 0.049489,
  "TxRefAmp": 200,
  "WipMemBlock": "git@gitlab.dzne.de:idea/vx_ep3d.git:vaso:26dc5a59:maastricht4j",
  "dcmmeta_affine": [
    [-0.8974158763885498, 0.04546628147363663, 0.012140141800045967, 61.64888000488281],
    [0.02241339720785618, 0.61659175157547, -0.6543442606925964, -72.69157409667969],
    [0.04137345775961876, 0.6521631479263306, 0.6178075671195984, -10.527471542358398],
    [0.0, 0.0, 0.0, 1.0]
],
  "dcmmeta_reorient_transform": [
    [0.0, -1.0, 0.0, 147.0],
    [1.0, 0.0, 0.0, 0.0],
    [0.0, 0.0, 1.0, 0.0],
    [0.0, 0.0, 0.0, 1.0]
],
  "dcmmeta_shape": [148, 148, 16, 217],
  "dcmmeta_slice_dim": 2,
  "dcmmeta_version": 0.6,
  "global": {
    "const": {
      "AcquisitionMatrix": [148, 0, 0, 148],
      "AngioFlag": "N",
      "BitsAllocated": 16,
      "BitsStored": 12,
      "BodyPartExamined": "BRAIN",
      "Columns": 592,
      "EchoNumbers": 1,
      "EchoTime": 15.0,
      "EchoTrainLength": 0,
      "FlipAngle": 33.0,
      "HighBit": 11,
      "ImageOrientationPatient": [0.99862820258743, -0.0249412255186, 0.04603963799414, 0.05059405717923, 0.68613219857722, -0.7257154038972],
      "ImagePositionPatient": [-277.6522553183, -149.85500998031, 220.93582228675],
      "ImageType": [
        "ORIGINAL",
        "PRIMARY",
        "M",
        "ND",
        "ECHO_00",
        "SET_01",
        "COMBINED",
        "MOSAIC"
],
      "ImagedNucleus": "1H",
      "ImagingFrequency": 297.192155,
      "InPlanePhaseEncodingDirection": "COL",
      "InversionTime": 1047.0,
      "MRAcquisitionType": "3D",
      "MagneticFieldStrength": 7.0,
      "Manufacturer": "SIEMENS",
      "ManufacturerModelName": "Investigational_Device_7T",
      "Modality": "MR",
      "NumberOfAverages": 1.0,
      "NumberOfPhaseEncodingSteps": 111,
      "PercentPhaseFieldOfView": 100.0,
      "PercentSampling": 100.0,
      "PerformedProcedureStepStartTime": "120858.623000",
      "PhotometricInterpretation": "MONOCHROME2",
      "PixelBandwidth": 1125.0,
      "PixelRepresentation": 0,
      "PixelSpacing": [0.89864861965179, 0.89864861965179],
      "ProtocolName": "sub-05_ses-03_run-05_VASO",
      "RepetitionTime": 42.0,
      "Rows": 592,
      "SAR": 0.05638126687264,
      "SamplesPerPixel": 1,
      "ScanOptions": [
        "IR",
        "PFP",
        "FS"
],
      "ScanningSequence": [
        "RM",
        "IR"
],
      "SequenceName": "vx_ep3d:maastric",
      "SequenceVariant": [
        "SK",
        "SP",
        "MP"
],
      "SeriesDescription": "sub-05_ses-03_run-05_VASO_E00_S01_M",
      "SeriesNumber": 27,
      "SeriesTime": "133208.447000",
      "SliceLocation": 46.455321944961,
      "SliceThickness": 0.89999997615814,
      "SmallestImagePixelValue": 0,
      "SoftwareVersions": "syngo MR E12",
      "SpacingBetweenSlices": 0.89999997615814,
      "SpecificCharacterSet": "ISO_IR 100",
      "StudyID": "4",
      "StudyTime": "120858.494000",
      "TransmitCoilName": "8Tx32Rx_Head",
      "VariableFlipAngleFlag": "N",
      "WindowCenterWidthExplanation": "Algo1",
      "dBdt": 0.0},
