{
  "AccelFact3D": 3,
  "AcquisitionMatrixPE": 148,
  "AcquisitionNumber": 1,
  "AcquisitionTime": "16:21:21.870000",
  "BandwidthPerPixelPhaseEncode": 20.07,
  "BaseResolution": 148,
  "BodyPartExamined": "BRAIN",
  "CoilCombinationMethod": "Sum of Squares",
  "ConsistencyInfo": "N4_VE12U_LATEST_20181126",
  "ConversionSoftware": "dcm2niix",
  "ConversionSoftwareVersion": "v1.0.20220720",
  "DerivedVendorReportedEchoSpacing": 0.00100998,
  "DeviceSerialNumber": "79025",
  "DwellTime": 3e-06,
  "EchoTime": 0.015,
  "EffectiveEchoSpacing": 0.00033666,
  "FlipAngle": 33,
  "HeudiconvVersion": "0.13.1",
  "ImageComments": "E00_S01_Com",
  "ImageOrientationPatientDICOM": [0.995627, 0.0881585, 0.0309128, -0.0403366, 0.704129, -0.708925],
  "ImageOrientationText": "Tra>Cor(-45.0)>Sag(4.8)",
  "ImageType": [
    "ORIGINAL",
    "PRIMARY",
    "M",
    "ND",
    "ECHO",
 "00",
    "SET",
 "01",
    "COMBINED",
    "MOSAIC"
],
  "ImagingFrequency": 297.192,
  "InPlanePhaseEncodingDirectionDICOM": "COL",
  "InstitutionAddress": "Stephanstrasse 1a,Leipzig,Leipzig,DE,04103",
  "InstitutionName": "MPI CBS",
  "InstitutionalDepartmentName": "Department",
  "InversionTime": 1.047,
  "MRAcquisitionType": "3D",
  "MagneticFieldStrength": 7,
  "Manufacturer": "Siemens",
  "ManufacturersModelName": "Investigational_Device_7T",
  "Modality": "MR",
  "NonlinearGradientCorrection": false,
  "ParallelReductionFactorInPlane": 3,
  "PartialFourier": 0.75,
  "PatientPosition": "HFS",
  "PercentPhaseFOV": 100,
  "PercentSampling": 100,
  "PhaseEncodingSteps": 111,
  "PhaseResolution": 1,
  "PixelBandwidth": 1125,
  "ProcedureStepDescription": "SD^VASO",
  "ProtocolName": "sub-08_ses-05_run-01_VASO",
  "PulseSequenceDetails": "%CustomerSeq%\\rslh_ep3d_vaso_v220920",
  "ReceiveCoilActiveElements": "AC",
  "ReceiveCoilName": "8Tx32Rx_Head",
  "ReconMatrixPE": 148,
  "RefLinesPE": 24,
  "RepetitionTime": 0.042,
  "SAR": 0.055409,
  "ScanOptions": "IR\\PFP\\FS",
  "ScanningSequence": "RM\\IR",
  "SequenceName": "vx_ep3d:maastric",
  "SequenceVariant": "SK\\SP\\MP",
  "SeriesDescription": "sub-08_ses-05_run-01_VASO_E00_S01_M",
  "SeriesNumber": 11,
  "ShimSetting": [-989, 588, 820, 529, -36, 124, 931, -174],
  "SliceThickness": 0.9,
  "SoftwareVersions": "syngo MR E12",
  "SpacingBetweenSlices": 0.9,
  "SpoilingState": true,
  "StationName": "AWP79025",
  "TaskName": "stimulation",
  "TotalReadoutTime": 0.049489,
  "TxRefAmp": 200,
  "WipMemBlock": "git@gitlab.dzne.de:idea/vx_ep3d.git:vaso:26dc5a59:maastricht4j",
  "dcmmeta_affine": [
    [-0.8947185277938843, -0.036248400807380676, 0.07583794742822647, 73.86517333984375],
    [-0.07922354340553284, 0.6327646970748901, -0.6341201663017273, -73.25019073486328],
    [0.027779705822467804, 0.6370747089385986, 0.634145200252533, -15.450002670288086],
    [0.0, 0.0, 0.0, 1.0]
],
  "dcmmeta_reorient_transform": [
    [0.0, -1.0, 0.0, 147.0],
    [1.0, 0.0, 0.0, 0.0],
    [0.0, 0.0, 1.0, 0.0],
    [0.0, 0.0, 0.0, 1.0]
],
  "dcmmeta_shape": [148, 148, 16, 278],
  "dcmmeta_slice_dim": 2,
  "dcmmeta_version": 0.6,
  "global": {
    "const": {
      "AcquisitionMatrix": [148, 0, 0, 148],
      "AngioFlag": "N",
      "BitsAllocated": 16,
      "BitsStored": 12,
      "BodyPartExamined": "BRAIN",
      "Columns": 592,
      "EchoNumbers": 1,
      "EchoTime": 15.0,
      "EchoTrainLength": 0,
      "FlipAngle": 33.0,
      "HighBit": 11,
      "ImageOrientationPatient": [0.99562667420356, 0.0881585341562, 0.03091275577786, -0.0403365665315, 0.70412917503262, -0.7089252896239],
      "ImagePositionPatient": [-259.11702917588, -177.82761409379, 213.46347950711],
      "ImageType": [
        "ORIGINAL",
        "PRIMARY",
        "M",
        "ND",
        "ECHO_00",
        "SET_01",
        "COMBINED",
        "MOSAIC"
],
      "ImagedNucleus": "1H",
      "ImagingFrequency": 297.192206,
      "InPlanePhaseEncodingDirection": "COL",
      "InversionTime": 1047.0,
      "MRAcquisitionType": "3D",
      "MagneticFieldStrength": 7.0,
      "Manufacturer": "SIEMENS",
      "ManufacturerModelName": "Investigational_Device_7T",
      "Modality": "MR",
      "NumberOfAverages": 1.0,
      "NumberOfPhaseEncodingSteps": 111,
      "PercentPhaseFieldOfView": 100.0,
      "PercentSampling": 100.0,
      "PerformedProcedureStepStartTime": "160116.362000",
      "PhotometricInterpretation": "MONOCHROME2",
      "PixelBandwidth": 1125.0,
      "PixelRepresentation": 0,
      "PixelSpacing": [0.89864861965179, 0.89864861965179],
      "ProtocolName": "sub-08_ses-05_run-01_VASO",
      "RepetitionTime": 42.0,
      "Rows": 592,
      "SAR": 0.05540899042882,
      "SamplesPerPixel": 1,
      "ScanOptions": [
        "IR",
        "PFP",
        "FS"
],
      "ScanningSequence": [
        "RM",
        "IR"
],
      "SequenceName": "vx_ep3d:maastric",
      "SequenceVariant": [
        "SK",
        "SP",
        "MP"
],
      "SeriesDescription": "sub-08_ses-05_run-01_VASO_E00_S01_M",
      "SeriesNumber": 11,
      "SeriesTime": "163555.606000",
      "SliceLocation": 46.948516646464,
      "SliceThickness": 0.89999997615814,
      "SmallestImagePixelValue": 0,
      "SoftwareVersions": "syngo MR E12",
      "SpacingBetweenSlices": 0.89999997615814,
      "SpecificCharacterSet": "ISO_IR 100",
      "StudyID": "5",
      "StudyTime": "160115.912000",
      "TransmitCoilName": "8Tx32Rx_Head",
      "VariableFlipAngleFlag": "N",
      "WindowCenterWidthExplanation": "Algo1",
      "dBdt": 0.0},
