{
  "AcquisitionMatrixPE": 320,
  "AcquisitionNumber": 1,
  "AcquisitionTime": "13:35:51.877500",
  "BaseResolution": 320,
  "BodyPartExamined": "BRAIN",
  "CoilCombinationMethod": "Sum of Squares",
  "ConsistencyInfo": "N4_VE12U_LATEST_20181126",
  "ConversionSoftware": "dcm2niix",
  "ConversionSoftwareVersion": "v1.0.20220720",
  "DeviceSerialNumber": "79025",
  "DwellTime": 6.3e-06,
  "EchoTime": 0.00201,
  "FlipAngle": 3,
  "HeudiconvVersion": "0.13.1",
  "ImageOrientationPatientDICOM": [-0.0565239, 0.998072, 0.0256513, -0.0145631, 0.0248655, -0.999585],
  "ImageOrientationText": "Sag>Cor(-3.3)>Tra(0.8)",
  "ImageType": [
    "ORIGINAL",
    "PRIMARY",
    "M",
    "ND"
],
  "ImagingFrequency": 297.192,
  "InPlanePhaseEncodingDirectionDICOM": "ROW",
  "InstitutionAddress": "Stephanstrasse 1a,Leipzig,Leipzig,DE,04103",
  "InstitutionName": "MPI CBS",
  "InstitutionalDepartmentName": "Department",
  "InversionTime": 2.75,
  "MRAcquisitionType": "3D",
  "MagneticFieldStrength": 7,
  "Manufacturer": "Siemens",
  "ManufacturersModelName": "Investigational_Device_7T",
  "MatrixCoilMode": "GRAPPA",
  "Modality": "MR",
  "NonlinearGradientCorrection": false,
  "ParallelReductionFactorInPlane": 2,
  "PartialFourier": 0.75,
  "PatientPosition": "HFS",
  "PercentPhaseFOV": 100,
  "PercentSampling": 100,
  "PhaseEncodingSteps": 239,
  "PhaseResolution": 1,
  "PixelBandwidth": 250,
  "ProcedureStepDescription": "SD^ANAT",
  "ProtocolName": "mp2rage_0p7_iPAT2_phPF68_FA5-3_TI900-2750_BW250",
  "PulseSequenceDetails": "%SiemensSeq%\\tfl",
  "ReceiveCoilActiveElements": "AC",
  "ReceiveCoilName": "8Tx32Rx_Head",
  "ReconMatrixPE": 320,
  "RefLinesPE": 24,
  "RepetitionTime": 5,
  "SAR": 0.104483,
  "ScanOptions": "IR\\PFP\\WE",
  "ScanningSequence": "GR\\IR",
  "SequenceName": "*tfl3d1_16ns",
  "SequenceVariant": "SK\\SP\\MP",
  "SeriesDescription": "mp2rage_0p7_iPAT2_phPF68_FA5-3_TI900-2750_BW250_INV2",
  "SeriesNumber": 26,
  "ShimSetting": [-1042, 468, 702, 309, 155, -440, 1066, -62],
  "SliceThickness": 0.7,
  "SoftwareVersions": "syngo MR E12",
  "SpoilingState": true,
  "StationName": "AWP79025",
  "TxRefAmp": 250.476,
  "dcmmeta_affine": [
    [0.6988065242767334, -0.0395667627453804, -0.010194160975515842, -65.86337280273438],
    [0.03981182724237442, 0.6986501812934875, 0.017405815422534943, -107.91417694091797],
    [0.00919065810739994, -0.017955921590328217, 0.6997092962265015, -102.1402587890625],
    [0.0, 0.0, 0.0, 1.0]
],
  "dcmmeta_reorient_transform": [
    [0.0, 0.0, -1.0, 319.0],
    [0.0, -1.0, 0.0, 319.0],
    [-1.0, 0.0, 0.0, 207.0],
    [0.0, 0.0, 0.0, 1.0]
],
  "dcmmeta_shape": [208, 320, 320],
  "dcmmeta_slice_dim": 0,
  "dcmmeta_version": 0.6,
  "global": {
    "const": {
      "AcquisitionMatrix": [0, 320, 320, 0],
      "AcquisitionNumber": 1,
      "AcquisitionTime": "133551.877500",
      "AngioFlag": "N",
      "BitsAllocated": 16,
      "BitsStored": 12,
      "BodyPartExamined": "BRAIN",
      "Columns": 320,
      "EchoNumbers": 1,
      "EchoTime": 2.01,
      "EchoTrainLength": 1,
      "FlipAngle": 3.0,
      "HighBit": 11,
      "ImageOrientationPatient": [-0.0565239465876, 0.99807166743774, 0.02565131809902, -0.0145630868365, 0.02486545150846, -0.9995847266856],
      "ImageType": [
        "ORIGINAL",
        "PRIMARY",
        "M",
        "ND"
],
      "ImagedNucleus": "1H",
      "ImagingFrequency": 297.192216,
      "InPlanePhaseEncodingDirection": "ROW",
      "InversionTime": 2750.0,
      "MRAcquisitionType": "3D",
      "MagneticFieldStrength": 7.0,
      "Manufacturer": "SIEMENS",
      "ManufacturerModelName": "Investigational_Device_7T",
      "Modality": "MR",
      "NumberOfAverages": 1.0,
      "NumberOfPhaseEncodingSteps": 239,
      "PercentPhaseFieldOfView": 100.0,
      "PercentSampling": 100.0,
      "PerformedProcedureStepStartTime": "121909.580000",
      "PhotometricInterpretation": "MONOCHROME2",
      "PixelBandwidth": 250.0,
      "PixelRepresentation": 0,
      "PixelSpacing": [0.69999998807907, 0.69999998807907],
      "ProtocolName": "mp2rage_0p7_iPAT2_phPF68_FA5-3_TI900-2750_BW250",
      "RepetitionTime": 5000.0,
      "Rows": 320,
      "SAR": 0.10448259301737,
      "SamplesPerPixel": 1,
      "ScanOptions": [
        "IR",
        "PFP",
        "WE"
],
      "ScanningSequence": [
        "GR",
        "IR"
],
      "SequenceName": "*tfl3d1_16ns",
      "SequenceVariant": [
        "SK",
        "SP",
        "MP"
],
      "SeriesDescription": "mp2rage_0p7_iPAT2_phPF68_FA5-3_TI900-2750_BW250_INV2",
      "SeriesNumber": 26,
      "SeriesTime": "134652.963000",
      "SliceThickness": 0.70000004768372,
      "SmallestImagePixelValue": 0,
      "SoftwareVersions": "syngo MR E12",
      "SpecificCharacterSet": "ISO_IR 100",
      "StudyID": "3",
      "StudyTime": "121909.518000",
      "TransmitCoilName": "8Tx32Rx_Head",
      "VariableFlipAngleFlag": "N",
      "WindowCenterWidthExplanation": "Algo1",
      "dBdt": 0.0},
