{
  "AcquisitionMatrixPE": 496,
  "AcquisitionNumber": 1,
  "AcquisitionTime": "13:19:54.685000",
  "BaseResolution": 496,
  "BodyPartExamined": "BRAIN",
  "CoilCombinationMethod": "Sum of Squares",
  "ConsistencyInfo": "N4_VE12U_LATEST_20181126",
  "ConversionSoftware": "dcm2niix",
  "ConversionSoftwareVersion": "v1.0.20220720",
  "DeviceSerialNumber": "79025",
  "DwellTime": 3.3e-06,
  "EchoNumber": 2,
  "EchoTime": 0.0076,
  "EchoTime1": 0.0038,
  "EchoTime2": 0.0076,
  "EchoTrainLength": 6,
  "FlipAngle": 12,
  "HeudiconvVersion": "0.13.1",
  "ImageComments": "36881.c9/20000815/36881.c9/2",
  "ImageOrientationPatientDICOM": [
    0.99821,
    0.0555141,
    -0.0222477,
    -0.0543779,
    0.687618,
    -0.724033
  ],
  "ImageOrientationText": "Cor>Tra(-43.6)>Sag(1.4)",
  "ImageType": [
    "ORIGINAL",
    "PRIMARY",
    "P",
    "ND",
    "PHASE"
  ],
  "ImagingFrequency": 297.192,
  "InPlanePhaseEncodingDirectionDICOM": "ROW",
  "InstitutionAddress": "Stephanstrasse 1a,Leipzig,Leipzig,DE,04103",
  "InstitutionName": "MPI CBS",
  "InstitutionalDepartmentName": "Department",
  "MRAcquisitionType": "3D",
  "MagneticFieldStrength": 7,
  "Manufacturer": "Siemens",
  "ManufacturersModelName": "Investigational_Device_7T",
  "MatrixCoilMode": "GRAPPA",
  "Modality": "MR",
  "NonlinearGradientCorrection": false,
  "ParallelReductionFactorInPlane": 2,
  "PartialFourier": 1,
  "PatientPosition": "HFS",
  "PercentPhaseFOV": 100,
  "PercentSampling": 100,
  "PhaseEncodingDirection": "i-",
  "PhaseEncodingSteps": 495,
  "PhaseResolution": 1,
  "PixelBandwidth": 305,
  "ProcedureStepDescription": "SD^ANAT",
  "ProtocolName": "MEGRE_035_sub-05_LR",
  "PulseSequenceDetails": "%CustomerSeq%\\ke_gre_aspireRelease",
  "ReceiveCoilActiveElements": "AC",
  "ReceiveCoilName": "8Tx32Rx_Head",
  "ReconMatrixPE": 496,
  "RefLinesPE": 30,
  "RepetitionTime": 0.03,
  "ScanningSequence": "GR",
  "SequenceName": "fl3d6",
  "SequenceVariant": "SP",
  "SeriesDescription": "MEGRE_035_sub-05_LR_RR",
  "SeriesNumber": 56,
  "ShimSetting": [
    -1064,
    517,
    792,
    371,
    -29,
    554,
    977,
    -11
  ],
  "SliceThickness": 0.35,
  "SoftwareVersions": "syngo MR E12",
  "StationName": "AWP79025",
  "TxRefAmp": 250.476
}