{
  "AcquisitionMatrixPE": 496,
  "AcquisitionNumber": 1,
  "AcquisitionTime": "09:10:56.000000",
  "BaseResolution": 496,
  "BodyPartExamined": "BRAIN",
  "CoilCombinationMethod": "Sum of Squares",
  "ConsistencyInfo": "N4_VE12U_LATEST_20181126",
  "ConversionSoftware": "dcm2niix",
  "ConversionSoftwareVersion": "v1.0.20220720",
  "DeviceSerialNumber": "79025",
  "DwellTime": 3.3e-06,
  "EchoNumber": 4,
  "EchoTime": 0.0152,
  "EchoTrainLength": 6,
  "FlipAngle": 12,
  "HeudiconvVersion": "0.13.1",
  "ImageOrientationPatientDICOM": [
    0.997326,
    0.0376754,
    0.0626208,
    0.0175825,
    0.708002,
    -0.705991
  ],
  "ImageOrientationText": "Tra>Cor(-45.0)>Sag(4.1)",
  "ImageType": [
    "ORIGINAL",
    "PRIMARY",
    "M",
    "ND"
  ],
  "ImagingFrequency": 297.192,
  "InPlanePhaseEncodingDirectionDICOM": "COL",
  "InstitutionAddress": "Stephanstrasse 1a,Leipzig,Leipzig,DE,04103",
  "InstitutionName": "MPI CBS",
  "InstitutionalDepartmentName": "Department",
  "MRAcquisitionType": "3D",
  "MagneticFieldStrength": 7,
  "Manufacturer": "Siemens",
  "ManufacturersModelName": "Investigational_Device_7T",
  "MatrixCoilMode": "GRAPPA",
  "Modality": "MR",
  "NonlinearGradientCorrection": false,
  "ParallelReductionFactorInPlane": 2,
  "PartialFourier": 1,
  "PatientPosition": "HFS",
  "PercentPhaseFOV": 100,
  "PercentSampling": 100,
  "PhaseEncodingDirection": "j-",
  "PhaseEncodingSteps": 495,
  "PhaseResolution": 1,
  "PixelBandwidth": 305,
  "ProcedureStepDescription": "SD^VASO",
  "ProtocolName": "MEGRE_035_sub-08_AP",
  "PulseSequenceDetails": "%CustomerSeq%\\ke_gre_aspireRelease",
  "ReceiveCoilActiveElements": "AC",
  "ReceiveCoilName": "8Tx32Rx_Head",
  "ReconMatrixPE": 496,
  "RefLinesPE": 30,
  "RepetitionTime": 0.03,
  "SAR": 0.00795172,
  "ScanningSequence": "GR",
  "SequenceName": "fl3d6",
  "SequenceVariant": "SP",
  "SeriesDescription": "MEGRE_035_sub-08_AP",
  "SeriesNumber": 12,
  "ShimSetting": [
    -987,
    692,
    1022,
    1311,
    173,
    1773,
    362,
    -245
  ],
  "SliceThickness": 0.35,
  "SoftwareVersions": "syngo MR E12",
  "StationName": "AWP79025",
  "TxRefAmp": 242.262
}