{
  "AccelFact3D": 3,
  "AcquisitionMatrixPE": 148,
  "AcquisitionNumber": 1,
  "AcquisitionTime": "17:28:1.692500",
  "BandwidthPerPixelPhaseEncode": 20.07,
  "BaseResolution": 148,
  "BodyPartExamined": "BRAIN",
  "CoilCombinationMethod": "Sum of Squares",
  "ConsistencyInfo": "N4_VE12U_LATEST_20181126",
  "ConversionSoftware": "dcm2niix",
  "ConversionSoftwareVersion": "v1.0.20220720",
  "DerivedVendorReportedEchoSpacing": 0.00100998,
  "DeviceSerialNumber": "79025",
  "DwellTime": 3e-06,
  "EchoTime": 0.015,
  "EffectiveEchoSpacing": 0.00033666,
  "FlipAngle": 33,
  "HeudiconvVersion": "0.13.1",
  "ImageComments": "E00_S00_Com",
  "ImageOrientationPatientDICOM": [0.996304, 0.0707663, 0.0486778, -0.0107602, 0.665103, -0.746674],
  "ImageOrientationText": "Cor>Tra(-41.7)>Sag(4.9)",
  "ImageType": [
    "ORIGINAL",
    "PRIMARY",
    "M",
    "ND",
    "ECHO",
 "00",
    "SET",
 "00",
    "COMBINED",
    "MOSAIC"
],
  "ImagingFrequency": 297.192,
  "InPlanePhaseEncodingDirectionDICOM": "COL",
  "InstitutionAddress": "Stephanstrasse 1a,Leipzig,Leipzig,DE,04103",
  "InstitutionName": "MPI CBS",
  "InstitutionalDepartmentName": "Department",
  "InversionTime": 1.047,
  "MRAcquisitionType": "3D",
  "MagneticFieldStrength": 7,
  "Manufacturer": "Siemens",
  "ManufacturersModelName": "Investigational_Device_7T",
  "Modality": "MR",
  "NonlinearGradientCorrection": false,
  "ParallelReductionFactorInPlane": 3,
  "PartialFourier": 0.75,
  "PatientPosition": "HFS",
  "PercentPhaseFOV": 100,
  "PercentSampling": 100,
  "PhaseEncodingSteps": 111,
  "PhaseResolution": 1,
  "PixelBandwidth": 1125,
  "ProcedureStepDescription": "SD^ANAT",
  "ProtocolName": "sub-08_ses-03_run-05_VASO",
  "PulseSequenceDetails": "%CustomerSeq%\\rslh_ep3d_vaso_v220920",
  "ReceiveCoilActiveElements": "AC",
  "ReceiveCoilName": "8Tx32Rx_Head",
  "ReconMatrixPE": 148,
  "RefLinesPE": 24,
  "RepetitionTime": 0.042,
  "SAR": 0.0550484,
  "ScanOptions": "IR\\PFP\\FS",
  "ScanningSequence": "RM\\IR",
  "SequenceName": "vx_ep3d:maastric",
  "SequenceVariant": "SK\\SP\\MP",
  "SeriesDescription": "sub-08_ses-03_run-05_VASO_E00_S00_M",
  "SeriesNumber": 29,
  "ShimSetting": [-1022, 583, 754, 589, 68, 135, 499, -113],
  "SliceThickness": 0.9,
  "SoftwareVersions": "syngo MR E12",
  "SpacingBetweenSlices": 0.9,
  "SpoilingState": true,
  "StationName": "AWP79025",
  "TaskName": "stimulation",
  "TotalReadoutTime": 0.049489,
  "TxRefAmp": 200,
  "WipMemBlock": "git@gitlab.dzne.de:idea/vx_ep3d.git:vaso:26dc5a59:maastricht4j",
  "dcmmeta_affine": [
    [-0.895327627658844, -0.009669669903814793, 0.07669354975223541, 77.22858428955078],
    [-0.06359399855136871, 0.5976943373680115, -0.669051468372345, -74.93510437011719],
    [0.04374421760439873, 0.6709972620010376, 0.597066342830658, -33.10902404785156],
    [0.0, 0.0, 0.0, 1.0]
],
  "dcmmeta_reorient_transform": [
    [0.0, -1.0, 0.0, 147.0],
    [1.0, 0.0, 0.0, 0.0],
    [0.0, 0.0, 1.0, 0.0],
    [0.0, 0.0, 0.0, 1.0]
],
  "dcmmeta_shape": [148, 148, 16, 278],
  "dcmmeta_slice_dim": 2,
  "dcmmeta_version": 0.6,
  "global": {
    "const": {
      "AcquisitionMatrix": [148, 0, 0, 148],
      "AngioFlag": "N",
      "BitsAllocated": 16,
      "BitsStored": 12,
      "BodyPartExamined": "BRAIN",
      "Columns": 592,
      "EchoNumbers": 1,
      "EchoTime": 15.0,
      "EchoTrainLength": 0,
      "FlipAngle": 33.0,
      "HighBit": 11,
      "ImageOrientationPatient": [0.99630447729298, 0.07076625381991, 0.04867777569143, -0.010760234604, 0.66510349699381, -0.7466736607366],
      "ImagePositionPatient": [-272.42321215811, -159.73197349797, 204.7777462385],
      "ImageType": [
        "ORIGINAL",
        "PRIMARY",
        "M",
        "ND",
        "ECHO_00",
        "SET_00",
        "COMBINED",
        "MOSAIC"
],
      "ImagedNucleus": "1H",
      "ImagingFrequency": 297.192238,
      "InPlanePhaseEncodingDirection": "COL",
      "InversionTime": 1047.0,
      "MRAcquisitionType": "3D",
      "MagneticFieldStrength": 7.0,
      "Manufacturer": "SIEMENS",
      "ManufacturerModelName": "Investigational_Device_7T",
      "Modality": "MR",
      "NumberOfAverages": 1.0,
      "NumberOfPhaseEncodingSteps": 111,
      "PercentPhaseFieldOfView": 100.0,
      "PercentSampling": 100.0,
      "PerformedProcedureStepStartTime": "160839.331000",
      "PhotometricInterpretation": "MONOCHROME2",
      "PixelBandwidth": 1125.0,
      "PixelRepresentation": 0,
      "PixelSpacing": [0.89864861965179, 0.89864861965179],
      "ProtocolName": "sub-08_ses-03_run-05_VASO",
      "RepetitionTime": 42.0,
      "Rows": 592,
      "SAR": 0.05504837593367,
      "SamplesPerPixel": 1,
      "ScanOptions": [
        "IR",
        "PFP",
        "FS"
],
      "ScanningSequence": [
        "RM",
        "IR"
],
      "SequenceName": "vx_ep3d:maastric",
      "SequenceVariant": [
        "SK",
        "SP",
        "MP"
],
      "SeriesDescription": "sub-08_ses-03_run-05_VASO_E00_S00_M",
      "SeriesNumber": 29,
      "SeriesTime": "174238.959000",
      "SliceLocation": 40.322324734351,
      "SliceThickness": 0.89999997615814,
      "SmallestImagePixelValue": 0,
      "SoftwareVersions": "syngo MR E12",
      "SpacingBetweenSlices": 0.89999997615814,
      "SpecificCharacterSet": "ISO_IR 100",
      "StudyID": "3",
      "StudyTime": "160839.236000",
      "TransmitCoilName": "8Tx32Rx_Head",
      "VariableFlipAngleFlag": "N",
      "WindowCenterWidthExplanation": "Algo1",
      "dBdt": 0.0},
