{
  "AcquisitionMatrixPE": 320,
  "AcquisitionNumber": 1,
  "AcquisitionTime": "16:02:7.397500",
  "BaseResolution": 320,
  "BodyPartExamined": "BRAIN",
  "CoilCombinationMethod": "Sum of Squares",
  "ConsistencyInfo": "N4_VE12U_LATEST_20181126",
  "ConversionSoftware": "dcm2niix",
  "ConversionSoftwareVersion": "v1.0.20220720",
  "DeviceSerialNumber": "79025",
  "DwellTime": 6.3e-06,
  "EchoTime": 0.00201,
  "FlipAngle": 5,
  "HeudiconvVersion": "0.13.1",
  "ImageOrientationPatientDICOM": [-0.0654642, 0.995325, 0.0710054, 0.0589248, 0.0748898, -0.995449],
  "ImageOrientationText": "Sag>Tra(-3.7)>Cor(-3.5)",
  "ImageType": [
    "ORIGINAL",
    "PRIMARY",
    "M",
    "ND"
],
  "ImagingFrequency": 297.192,
  "InPlanePhaseEncodingDirectionDICOM": "ROW",
  "InstitutionAddress": "Stephanstrasse 1a,Leipzig,Leipzig,DE,04103",
  "InstitutionName": "MPI CBS",
  "InstitutionalDepartmentName": "Department",
  "InversionTime": 0.9,
  "MRAcquisitionType": "3D",
  "MagneticFieldStrength": 7,
  "Manufacturer": "Siemens",
  "ManufacturersModelName": "Investigational_Device_7T",
  "MatrixCoilMode": "GRAPPA",
  "Modality": "MR",
  "NonlinearGradientCorrection": false,
  "ParallelReductionFactorInPlane": 2,
  "PartialFourier": 0.75,
  "PatientPosition": "HFS",
  "PercentPhaseFOV": 100,
  "PercentSampling": 100,
  "PhaseEncodingSteps": 239,
  "PhaseResolution": 1,
  "PixelBandwidth": 250,
  "ProcedureStepDescription": "SD^ANAT",
  "ProtocolName": "mp2rage_0p7_iPAT2_phPF68_FA5-3_TI900-2750_BW250",
  "PulseSequenceDetails": "%SiemensSeq%\\tfl",
  "ReceiveCoilActiveElements": "AC",
  "ReceiveCoilName": "8Tx32Rx_Head",
  "ReconMatrixPE": 320,
  "RefLinesPE": 24,
  "RepetitionTime": 5,
  "SAR": 0.0846309,
  "ScanOptions": "IR\\PFP\\WE",
  "ScanningSequence": "GR\\IR",
  "SequenceName": "*tfl3d1_16ns",
  "SequenceVariant": "SK\\SP\\MP",
  "SeriesDescription": "mp2rage_0p7_iPAT2_phPF68_FA5-3_TI900-2750_BW250_INV1",
  "SeriesNumber": 5,
  "ShimSetting": [-1021, 555, 785, 561, -67, 31, 876, -96],
  "SliceThickness": 0.7,
  "SoftwareVersions": "syngo MR E12",
  "SpoilingState": true,
  "StationName": "AWP79025",
  "TxRefAmp": 231.26,
  "dcmmeta_affine": [
    [0.6972795724868774, -0.045824937522411346, 0.04124733805656433, -71.0014877319336],
    [0.04268762096762657, 0.6967277526855469, 0.052422888576984406, -118.86016082763672],
    [-0.04448634758591652, -0.049703795462846756, 0.6968145370483398, -91.39146423339844],
    [0.0, 0.0, 0.0, 1.0]
],
  "dcmmeta_reorient_transform": [
    [0.0, 0.0, -1.0, 319.0],
    [0.0, -1.0, 0.0, 319.0],
    [-1.0, 0.0, 0.0, 207.0],
    [0.0, 0.0, 0.0, 1.0]
],
  "dcmmeta_shape": [208, 320, 320],
  "dcmmeta_slice_dim": 0,
  "dcmmeta_version": 0.6,
  "global": {
    "const": {
      "AcquisitionMatrix": [0, 320, 320, 0],
      "AcquisitionNumber": 1,
      "AcquisitionTime": "160207.397500",
      "AngioFlag": "N",
      "BitsAllocated": 16,
      "BitsStored": 12,
      "BodyPartExamined": "BRAIN",
      "Columns": 320,
      "EchoNumbers": 1,
      "EchoTime": 2.01,
      "EchoTrainLength": 1,
      "FlipAngle": 5.0,
      "HighBit": 11,
      "ImageOrientationPatient": [-0.0654641991088, 0.99532540840477, 0.0710054224614, 0.05892476882486, 0.07488984295993, -0.9954493372545],
      "ImageType": [
        "ORIGINAL",
        "PRIMARY",
        "M",
        "ND"
],
      "ImagedNucleus": "1H",
      "ImagingFrequency": 297.192165,
      "InPlanePhaseEncodingDirection": "ROW",
      "InversionTime": 900.0,
      "MRAcquisitionType": "3D",
      "MagneticFieldStrength": 7.0,
      "Manufacturer": "SIEMENS",
      "ManufacturerModelName": "Investigational_Device_7T",
      "Modality": "MR",
      "NumberOfAverages": 1.0,
      "NumberOfPhaseEncodingSteps": 239,
      "PercentPhaseFieldOfView": 100.0,
      "PercentSampling": 100.0,
      "PerformedProcedureStepStartTime": "154638.774000",
      "PhotometricInterpretation": "MONOCHROME2",
      "PixelBandwidth": 250.0,
      "PixelRepresentation": 0,
      "PixelSpacing": [0.69999998807907, 0.69999998807907],
      "ProtocolName": "mp2rage_0p7_iPAT2_phPF68_FA5-3_TI900-2750_BW250",
      "RepetitionTime": 5000.0,
      "Rows": 320,
      "SAR": 0.08463093763735,
      "SamplesPerPixel": 1,
      "ScanOptions": [
        "IR",
        "PFP",
        "WE"
],
      "ScanningSequence": [
        "GR",
        "IR"
],
      "SequenceName": "*tfl3d1_16ns",
      "SequenceVariant": [
        "SK",
        "SP",
        "MP"
],
      "SeriesDescription": "mp2rage_0p7_iPAT2_phPF68_FA5-3_TI900-2750_BW250_INV1",
      "SeriesNumber": 5,
      "SeriesTime": "161312.737000",
      "SliceThickness": 0.70000004768372,
      "SmallestImagePixelValue": 0,
      "SoftwareVersions": "syngo MR E12",
      "SpecificCharacterSet": "ISO_IR 100",
      "StudyID": "1",
      "StudyTime": "154638.716000",
      "TransmitCoilName": "8Tx32Rx_Head",
      "VariableFlipAngleFlag": "N",
      "WindowCenterWidthExplanation": "Algo1",
      "dBdt": 0.0},
