{
  "AcquisitionMatrixPE": 320,
  "AcquisitionNumber": 1,
  "AcquisitionTime": "15:19:28.980000",
  "BaseResolution": 320,
  "BodyPartExamined": "BRAIN",
  "CoilCombinationMethod": "Sum of Squares",
  "ConsistencyInfo": "N4_VE12U_LATEST_20181126",
  "ConversionSoftware": "dcm2niix",
  "ConversionSoftwareVersion": "v1.0.20220720",
  "DeviceSerialNumber": "79025",
  "DwellTime": 6.3e-06,
  "EchoTime": 0.00201,
  "FlipAngle": 3,
  "HeudiconvVersion": "0.13.1",
  "ImageOrientationPatientDICOM": [-0.0109889, 0.99615, -0.0869778, -0.089057, -0.0876124, -0.992166],
  "ImageOrientationText": "Sag>Tra(5.1)>Cor(-0.2)",
  "ImageType": [
    "ORIGINAL",
    "PRIMARY",
    "M",
    "ND"
],
  "ImagingFrequency": 297.192,
  "InPlanePhaseEncodingDirectionDICOM": "ROW",
  "InstitutionAddress": "Stephanstrasse 1a,Leipzig,Leipzig,DE,04103",
  "InstitutionName": "MPI CBS",
  "InstitutionalDepartmentName": "Department",
  "InversionTime": 2.75,
  "MRAcquisitionType": "3D",
  "MagneticFieldStrength": 7,
  "Manufacturer": "Siemens",
  "ManufacturersModelName": "Investigational_Device_7T",
  "MatrixCoilMode": "GRAPPA",
  "Modality": "MR",
  "NonlinearGradientCorrection": false,
  "ParallelReductionFactorInPlane": 2,
  "PartialFourier": 0.75,
  "PatientPosition": "HFS",
  "PercentPhaseFOV": 100,
  "PercentSampling": 100,
  "PhaseEncodingSteps": 239,
  "PhaseResolution": 1,
  "PixelBandwidth": 250,
  "ProcedureStepDescription": "SD^VASO",
  "ProtocolName": "mp2rage_0p7_iPAT2_phPF68_FA5-3_TI900-2750_BW250",
  "PulseSequenceDetails": "%SiemensSeq%\\tfl",
  "ReceiveCoilActiveElements": "AC",
  "ReceiveCoilName": "8Tx32Rx_Head",
  "ReconMatrixPE": 320,
  "RefLinesPE": 24,
  "RepetitionTime": 5,
  "SAR": 0.112266,
  "ScanOptions": "IR\\PFP\\WE",
  "ScanningSequence": "GR\\IR",
  "SequenceName": "*tfl3d1_16ns",
  "SequenceVariant": "SK\\SP\\MP",
  "SeriesDescription": "mp2rage_0p7_iPAT2_phPF68_FA5-3_TI900-2750_BW250_INV2",
  "SeriesNumber": 26,
  "ShimSetting": [-1095, 580, 870, 584, 262, 198, 831, 41],
  "SliceThickness": 0.7,
  "SoftwareVersions": "syngo MR E12",
  "SpoilingState": true,
  "StationName": "AWP79025",
  "TxRefAmp": 245.177,
  "dcmmeta_affine": [
    [0.6971761584281921, -0.007692215498536825, -0.06233987957239151, -59.81595993041992],
    [0.0022097681649029255, 0.6973047256469727, -0.06132865324616432, -97.04627227783203],
    [0.06277378648519516, 0.06088445335626602, 0.6945160031318665, -121.9515151977539],
    [0.0, 0.0, 0.0, 1.0]
],
  "dcmmeta_reorient_transform": [
    [0.0, 0.0, -1.0, 319.0],
    [0.0, -1.0, 0.0, 319.0],
    [-1.0, 0.0, 0.0, 207.0],
    [0.0, 0.0, 0.0, 1.0]
],
  "dcmmeta_shape": [208, 320, 320],
  "dcmmeta_slice_dim": 0,
  "dcmmeta_version": 0.6,
  "global": {
    "const": {
      "AcquisitionMatrix": [0, 320, 320, 0],
      "AcquisitionNumber": 1,
      "AcquisitionTime": "151928.980000",
      "AngioFlag": "N",
      "BitsAllocated": 16,
      "BitsStored": 12,
      "BodyPartExamined": "BRAIN",
      "Columns": 320,
      "EchoNumbers": 1,
      "EchoTime": 2.01,
      "EchoTrainLength": 1,
      "FlipAngle": 3.0,
      "HighBit": 11,
      "ImageOrientationPatient": [-0.0109888795724, 0.99614964165248, -0.0869777900466, -0.0890569735289, -0.0876123620091, -0.9921657772212],
      "ImageType": [
        "ORIGINAL",
        "PRIMARY",
        "M",
        "ND"
],
      "ImagedNucleus": "1H",
      "ImagingFrequency": 297.192145,
      "InPlanePhaseEncodingDirection": "ROW",
      "InversionTime": 2750.0,
      "MRAcquisitionType": "3D",
      "MagneticFieldStrength": 7.0,
      "Manufacturer": "SIEMENS",
      "ManufacturerModelName": "Investigational_Device_7T",
      "Modality": "MR",
      "NumberOfAverages": 1.0,
      "NumberOfPhaseEncodingSteps": 239,
      "PercentPhaseFieldOfView": 100.0,
      "PercentSampling": 100.0,
      "PerformedProcedureStepStartTime": "135530.163000",
      "PhotometricInterpretation": "MONOCHROME2",
      "PixelBandwidth": 250.0,
      "PixelRepresentation": 0,
      "PixelSpacing": [0.69999998807907, 0.69999998807907],
      "ProtocolName": "mp2rage_0p7_iPAT2_phPF68_FA5-3_TI900-2750_BW250",
      "RepetitionTime": 5000.0,
      "Rows": 320,
      "SAR": 0.11226648055917,
      "SamplesPerPixel": 1,
      "ScanOptions": [
        "IR",
        "PFP",
        "WE"
],
      "ScanningSequence": [
        "GR",
        "IR"
],
      "SequenceName": "*tfl3d1_16ns",
      "SequenceVariant": [
        "SK",
        "SP",
        "MP"
],
      "SeriesDescription": "mp2rage_0p7_iPAT2_phPF68_FA5-3_TI900-2750_BW250_INV2",
      "SeriesNumber": 26,
      "SeriesTime": "153028.831000",
      "SliceThickness": 0.70000004768372,
      "SmallestImagePixelValue": 0,
      "SoftwareVersions": "syngo MR E12",
      "SpecificCharacterSet": "ISO_IR 100",
      "StudyID": "4",
      "StudyTime": "135530.126000",
      "TransmitCoilName": "8Tx32Rx_Head",
      "VariableFlipAngleFlag": "N",
      "WindowCenterWidthExplanation": "Algo1",
      "dBdt": 0.0},
