{
  "AcquisitionMatrixPE": 496,
  "AcquisitionNumber": 1,
  "AcquisitionTime": "14:22:10.375000",
  "BaseResolution": 496,
  "BodyPartExamined": "BRAIN",
  "CoilCombinationMethod": "Sum of Squares",
  "ConsistencyInfo": "N4_VE12U_LATEST_20181126",
  "ConversionSoftware": "dcm2niix",
  "ConversionSoftwareVersion": "v1.0.20220720",
  "DeviceSerialNumber": "79025",
  "DwellTime": 3.3e-06,
  "EchoNumber": 5,
  "EchoTime": 0.019,
  "EchoTime1": 0.0038,
  "EchoTime2": 0.0076,
  "EchoTrainLength": 6,
  "FlipAngle": 12,
  "HeudiconvVersion": "0.13.1",
  "ImageOrientationPatientDICOM": [
    0.99513,
    0.000800294,
    -0.0985713,
    -0.0790977,
    0.603229,
    -0.793636
  ],
  "ImageOrientationText": "Cor>Tra(-37.0)>Sag(-3.4)",
  "ImageType": [
    "ORIGINAL",
    "PRIMARY",
    "P",
    "ND",
    "PHASE"
  ],
  "ImagingFrequency": 297.192,
  "InPlanePhaseEncodingDirectionDICOM": "ROW",
  "InstitutionAddress": "Stephanstrasse 1a,Leipzig,Leipzig,DE,04103",
  "InstitutionName": "MPI CBS",
  "InstitutionalDepartmentName": "Department",
  "MRAcquisitionType": "3D",
  "MagneticFieldStrength": 7,
  "Manufacturer": "Siemens",
  "ManufacturersModelName": "Investigational_Device_7T",
  "MatrixCoilMode": "GRAPPA",
  "Modality": "MR",
  "NonlinearGradientCorrection": false,
  "ParallelReductionFactorInPlane": 2,
  "PartialFourier": 1,
  "PatientPosition": "HFS",
  "PercentPhaseFOV": 100,
  "PercentSampling": 100,
  "PhaseEncodingDirection": "i",
  "PhaseEncodingSteps": 495,
  "PhaseResolution": 1,
  "PixelBandwidth": 305,
  "ProcedureStepDescription": "SD^VASO",
  "ProtocolName": "MEGRE_035_sub-06_RL",
  "PulseSequenceDetails": "%CustomerSeq%\\ke_gre_aspireRelease",
  "ReceiveCoilActiveElements": "AC",
  "ReceiveCoilName": "8Tx32Rx_Head",
  "ReconMatrixPE": 496,
  "RefLinesPE": 30,
  "RepetitionTime": 0.03,
  "SAR": 0.00942981,
  "ScanningSequence": "GR",
  "SequenceName": "fl3d6",
  "SequenceVariant": "SP",
  "SeriesDescription": "MEGRE_035_sub-06_RL",
  "SeriesNumber": 9,
  "ShimSetting": [
    -1142,
    448,
    930,
    912,
    219,
    -87,
    1083,
    -144
  ],
  "SliceThickness": 0.35,
  "SoftwareVersions": "syngo MR E12",
  "StationName": "AWP79025",
  "TxRefAmp": 245.177
}