{
  "AccelFact3D": 3,
  "AcquisitionMatrixPE": 148,
  "AcquisitionNumber": 1,
  "AcquisitionTime": "13:15:27.885000",
  "BandwidthPerPixelPhaseEncode": 20.07,
  "BaseResolution": 148,
  "BodyPartExamined": "BRAIN",
  "CoilCombinationMethod": "Sum of Squares",
  "ConsistencyInfo": "N4_VE12U_LATEST_20181126",
  "ConversionSoftware": "dcm2niix",
  "ConversionSoftwareVersion": "v1.0.20220720",
  "DerivedVendorReportedEchoSpacing": 0.00100998,
  "DeviceSerialNumber": "79025",
  "DwellTime": 3e-06,
  "EchoTime": 0.015,
  "EffectiveEchoSpacing": 0.00033666,
  "FlipAngle": 33,
  "HeudiconvVersion": "0.13.1",
  "ImageComments": "E00_S01_Com",
  "ImageOrientationPatientDICOM": [0.993598, 0.0729696, -0.0862479, -0.112923, 0.664571, -0.738643],
  "ImageOrientationText": "Cor>Tra(-42.0)>Sag(-0.2)",
  "ImageType": [
    "ORIGINAL",
    "PRIMARY",
    "M",
    "ND",
    "ECHO",
 "00",
    "SET",
 "01",
    "COMBINED",
    "MOSAIC"
],
  "ImagingFrequency": 297.192,
  "InPlanePhaseEncodingDirectionDICOM": "COL",
  "InstitutionAddress": "Stephanstrasse 1a,Leipzig,Leipzig,DE,04103",
  "InstitutionName": "MPI CBS",
  "InstitutionalDepartmentName": "Department",
  "InversionTime": 1.047,
  "MRAcquisitionType": "3D",
  "MagneticFieldStrength": 7,
  "Manufacturer": "Siemens",
  "ManufacturersModelName": "Investigational_Device_7T",
  "Modality": "MR",
  "NonlinearGradientCorrection": false,
  "ParallelReductionFactorInPlane": 3,
  "PartialFourier": 0.75,
  "PatientPosition": "HFS",
  "PercentPhaseFOV": 100,
  "PercentSampling": 100,
  "PhaseEncodingSteps": 111,
  "PhaseResolution": 1,
  "PixelBandwidth": 1125,
  "ProcedureStepDescription": "SD^VASO",
  "ProtocolName": "sub-09_ses-01_run-05_VASO",
  "PulseSequenceDetails": "%CustomerSeq%\\rslh_ep3d_vaso_v220920",
  "ReceiveCoilActiveElements": "AC",
  "ReceiveCoilName": "8Tx32Rx_Head",
  "ReconMatrixPE": 148,
  "RefLinesPE": 24,
  "RepetitionTime": 0.042,
  "SAR": 0.0474165,
  "ScanOptions": "IR\\PFP\\FS",
  "ScanningSequence": "RM\\IR",
  "SequenceName": "vx_ep3d:maastric",
  "SequenceVariant": "SK\\SP\\MP",
  "SeriesDescription": "sub-09_ses-01_run-05_VASO_E00_S01_M",
  "SeriesNumber": 35,
  "ShimSetting": [-1102, 497, 732, 426, -75, 245, 838, -68],
  "SliceThickness": 0.9,
  "SoftwareVersions": "syngo MR E12",
  "SpacingBetweenSlices": 0.9,
  "SpoilingState": true,
  "StationName": "AWP79025",
  "TaskName": "stimulation",
  "TotalReadoutTime": 0.049489,
  "TxRefAmp": 200,
  "WipMemBlock": "git@gitlab.dzne.de:idea/vx_ep3d.git:vaso:26dc5a59:maastricht4j",
  "dcmmeta_affine": [
    [-0.8928953409194946, -0.1014779806137085, -0.003077408531680703, 72.1670150756836],
    [-0.06557405740022659, 0.5972159504890442, -0.6692882180213928, -75.143310546875],
    [-0.07750654965639114, 0.6637806296348572, 0.6017007231712341, -18.865873336791992],
    [0.0, 0.0, 0.0, 1.0]
],
  "dcmmeta_reorient_transform": [
    [0.0, -1.0, 0.0, 147.0],
    [1.0, 0.0, 0.0, 0.0],
    [0.0, 0.0, 1.0, 0.0],
    [0.0, 0.0, 0.0, 1.0]
],
  "dcmmeta_shape": [148, 148, 16, 265],
  "dcmmeta_slice_dim": 2,
  "dcmmeta_version": 0.6,
  "global": {
    "const": {
      "AcquisitionMatrix": [148, 0, 0, 148],
      "AngioFlag": "N",
      "BitsAllocated": 16,
      "BitsStored": 12,
      "BodyPartExamined": "BRAIN",
      "Columns": 592,
      "EchoNumbers": 1,
      "EchoTime": 15.0,
      "EchoTrainLength": 0,
      "FlipAngle": 33.0,
      "HighBit": 11,
      "ImageOrientationPatient": [0.99359787357597, 0.07296963151189, -0.0862478898428, -0.1129228662359, 0.66457113457016, -0.7386431028428],
      "ImagePositionPatient": [-232.94440924928, -159.7868130343, 243.27562340227],
      "ImageType": [
        "ORIGINAL",
        "PRIMARY",
        "M",
        "ND",
        "ECHO_00",
        "SET_01",
        "COMBINED",
        "MOSAIC"
],
      "ImagedNucleus": "1H",
      "ImagingFrequency": 297.19228,
      "InPlanePhaseEncodingDirection": "COL",
      "InversionTime": 1047.0,
      "MRAcquisitionType": "3D",
      "MagneticFieldStrength": 7.0,
      "Manufacturer": "SIEMENS",
      "ManufacturerModelName": "Investigational_Device_7T",
      "Modality": "MR",
      "NumberOfAverages": 1.0,
      "NumberOfPhaseEncodingSteps": 111,
      "PercentPhaseFieldOfView": 100.0,
      "PercentSampling": 100.0,
      "PerformedProcedureStepStartTime": "114018.868000",
      "PhotometricInterpretation": "MONOCHROME2",
      "PixelBandwidth": 1125.0,
      "PixelRepresentation": 0,
      "PixelSpacing": [0.89864861965179, 0.89864861965179],
      "ProtocolName": "sub-09_ses-01_run-05_VASO",
      "RepetitionTime": 42.0,
      "Rows": 592,
      "SAR": 0.0474164792487,
      "SamplesPerPixel": 1,
      "ScanOptions": [
        "IR",
        "PFP",
        "FS"
],
      "ScanningSequence": [
        "RM",
        "IR"
],
      "SequenceName": "vx_ep3d:maastric",
      "SequenceVariant": [
        "SK",
        "SP",
        "MP"
],
      "SeriesDescription": "sub-09_ses-01_run-05_VASO_E00_S01_M",
      "SeriesNumber": 35,
      "SeriesTime": "132921.469000",
      "SliceLocation": 43.020924851631,
      "SliceThickness": 0.89999997615814,
      "SmallestImagePixelValue": 0,
      "SoftwareVersions": "syngo MR E12",
      "SpacingBetweenSlices": 0.89999997615814,
      "SpecificCharacterSet": "ISO_IR 100",
      "StudyID": "1",
      "StudyTime": "114018.783000",
      "TransmitCoilName": "8Tx32Rx_Head",
      "VariableFlipAngleFlag": "N",
      "WindowCenterWidthExplanation": "Algo1",
      "dBdt": 0.0},
